GEM
  remote: http://rubygems.org/
  specs:
    commonjs (0.2.6)
    haml (4.0.3)
      tilt
    less (2.2.1)
      commonjs (~> 0.2.6)
    libv8 (3.3.10.4)
    rack (1.4.1)
    rack-protection (1.2.0)
      rack
    shotgun (0.9)
      rack (>= 1.0)
    sinatra (1.3.3)
      rack (~> 1.3, >= 1.3.6)
      rack-protection (~> 1.2)
      tilt (~> 1.3, >= 1.3.3)
    therubyracer (0.10.2)
      libv8 (~> 3.3.10)
    tilt (1.3.3)

PLATFORMS
  ruby

DEPENDENCIES
  haml
  less
  shotgun
  sinatra
  therubyracer
